GEM
  remote: https://rubygems.org/
  specs:
    amq-protocol (2.3.0)
    bunny (2.9.2)
      amq-protocol (~> 2.3.0)
    logger (1.2.8)

PLATFORMS
  ruby

DEPENDENCIES
  bunny
  logger

BUNDLED WITH
   1.16.1
